PATH
  remote: .
  specs:
    ruby-optics (0.1.0)

GEM
  remote: https://rubygems.org/
  specs:
    backports (3.17.0)
    diff-lcs (1.3)
    rainbow (3.0.0)
    rake (13.0.1)
    redcarpet (3.5.0)
    rspec (3.9.0)
      rspec-core (~> 3.9.0)
      rspec-expectations (~> 3.9.0)
      rspec-mocks (~> 3.9.0)
    rspec-core (3.9.1)
      rspec-support (~> 3.9.1)
    rspec-expectations (3.9.1)
      diff-lcs (>= 1.2.0, < 2.0)
      rspec-support (~> 3.9.0)
    rspec-mocks (3.9.1)
      diff-lcs (>= 1.2.0, < 2.0)
      rspec-support (~> 3.9.0)
    rspec-support (3.9.2)
    tty-color (0.5.1)
    yard (0.9.24)
    yard-junk (0.0.7)
      backports
      rainbow
      tty-color
      yard

PLATFORMS
  ruby

DEPENDENCIES
  bundler
  rake
  redcarpet
  rspec
  ruby-optics!
  yard
  yard-junk

BUNDLED WITH
   1.17.3
