PATH
  remote: .
  specs:
    ruby-optics (0.0.1)

GEM
  remote: https://rubygems.org/
  specs:
    ast (2.4.0)
    backports (3.17.0)
    benchmark-ips (2.7.2)
    byebug (11.1.1)
    codacy-coverage (2.2.1)
      simplecov
    coderay (1.1.2)
    diff-lcs (1.3)
    docile (1.3.2)
    jaro_winkler (1.5.4)
    json (2.3.0)
    method_source (1.0.0)
    parallel (1.19.1)
    parser (2.7.0.5)
      ast (~> 2.4.0)
    pry (0.13.0)
      coderay (~> 1.1)
      method_source (~> 1.0)
    pry-byebug (3.9.0)
      byebug (~> 11.0)
      pry (~> 0.13.0)
    rainbow (3.0.0)
    rake (13.0.1)
    redcarpet (3.5.0)
    rspec (3.9.0)
      rspec-core (~> 3.9.0)
      rspec-expectations (~> 3.9.0)
      rspec-mocks (~> 3.9.0)
    rspec-core (3.9.1)
      rspec-support (~> 3.9.1)
    rspec-expectations (3.9.1)
      diff-lcs (>= 1.2.0, < 2.0)
      rspec-support (~> 3.9.0)
    rspec-mocks (3.9.1)
      diff-lcs (>= 1.2.0, < 2.0)
      rspec-support (~> 3.9.0)
    rspec-support (3.9.2)
    rubocop (0.71.0)
      jaro_winkler (~> 1.5.1)
      parallel (~> 1.10)
      parser (>= 2.6)
      rainbow (>= 2.2.2, < 4.0)
      ruby-progressbar (~> 1.7)
      unicode-display_width (>= 1.4.0, < 1.7)
    ruby-progressbar (1.10.1)
    simplecov (0.17.1)
      docile (~> 1.1)
      json (>= 1.8, < 3)
      simplecov-html (~> 0.10.0)
    simplecov-html (0.10.2)
    tty-color (0.5.1)
    unicode-display_width (1.6.1)
    warning (1.0.0)
    yard (0.9.24)
    yard-junk (0.0.7)
      backports
      rainbow
      tty-color
      yard

PLATFORMS
  ruby

DEPENDENCIES
  benchmark-ips
  bundler
  codacy-coverage
  pry
  pry-byebug
  rake
  redcarpet
  rspec
  rubocop (= 0.71.0)
  ruby-optics!
  simplecov (= 0.17.1)
  warning
  yard
  yard-junk

BUNDLED WITH
   1.17.3
